STORAGE: NONE
RESTRICTION: == net6.0
NUGET
  remote: https://api.nuget.org/v3/index.json
    BenchmarkDotNet (0.13.1)
      BenchmarkDotNet.Annotations (>= 0.13.1)
      CommandLineParser (>= 2.4.3)
      Iced (>= 1.8)
      Microsoft.CodeAnalysis.CSharp (>= 2.10)
      Microsoft.Diagnostics.NETCore.Client (>= 0.2.61701)
      Microsoft.Diagnostics.Runtime (>= 1.1.126102)
      Microsoft.Diagnostics.Tracing.TraceEvent (>= 2.0.61)
      Microsoft.DotNet.PlatformAbstractions (>= 2.1)
      Microsoft.Win32.Registry (>= 4.5)
      Perfolizer (>= 0.2.1)
      System.Management (>= 4.5)
      System.Reflection.Emit (>= 4.3)
      System.Reflection.Emit.Lightweight (>= 4.3)
      System.Threading.Tasks.Extensions (>= 4.5.2)
      System.ValueTuple (>= 4.5)
    BenchmarkDotNet.Annotations (0.13.1)
    ClrHeapAllocationAnalyzer (3.0)
      Microsoft.CodeAnalysis (>= 3.4)
    CommandLineParser (2.9.1)
    Humanizer.Core (2.14.1)
    Iced (1.17)
    Microsoft.Bcl.AsyncInterfaces (6.0)
    Microsoft.CodeAnalysis (4.2)
      Microsoft.CodeAnalysis.CSharp.Workspaces (4.2)
      Microsoft.CodeAnalysis.VisualBasic.Workspaces (4.2)
    Microsoft.CodeAnalysis.Analyzers (3.3.3)
    Microsoft.CodeAnalysis.Common (4.2)
      Microsoft.CodeAnalysis.Analyzers (>= 3.3.3)
      System.Collections.Immutable (>= 5.0)
      System.Memory (>= 4.5.4)
      System.Reflection.Metadata (>= 5.0)
      System.Runtime.CompilerServices.Unsafe (>= 6.0)
      System.Text.Encoding.CodePages (>= 6.0)
      System.Threading.Tasks.Extensions (>= 4.5.4)
    Microsoft.CodeAnalysis.CSharp (4.2)
      Microsoft.CodeAnalysis.Common (4.2)
    Microsoft.CodeAnalysis.CSharp.Workspaces (4.2)
      Humanizer.Core (>= 2.2)
      Microsoft.CodeAnalysis.Common (4.2)
      Microsoft.CodeAnalysis.CSharp (4.2)
      Microsoft.CodeAnalysis.Workspaces.Common (4.2)
    Microsoft.CodeAnalysis.VisualBasic (4.2)
      Microsoft.CodeAnalysis.Common (4.2)
    Microsoft.CodeAnalysis.VisualBasic.Workspaces (4.2)
      Microsoft.CodeAnalysis.Common (4.2)
      Microsoft.CodeAnalysis.VisualBasic (4.2)
      Microsoft.CodeAnalysis.Workspaces.Common (4.2)
    Microsoft.CodeAnalysis.Workspaces.Common (4.2)
      Humanizer.Core (>= 2.2)
      Microsoft.Bcl.AsyncInterfaces (>= 6.0)
      Microsoft.CodeAnalysis.Common (4.2)
      System.Composition (>= 6.0)
      System.IO.Pipelines (>= 6.0.1)
    Microsoft.Data.Sqlite.Core (6.0.5)
      SQLitePCLRaw.core (>= 2.0.6)
    Microsoft.Diagnostics.NETCore.Client (0.2.327302)
      Microsoft.Bcl.AsyncInterfaces (>= 1.1)
      Microsoft.Extensions.Logging (>= 2.1.1)
    Microsoft.Diagnostics.Runtime (2.1.327703)
      Microsoft.Diagnostics.NETCore.Client (>= 0.2.251802)
      System.Collections.Immutable (>= 5.0)
      System.Runtime.CompilerServices.Unsafe (>= 5.0)
    Microsoft.Diagnostics.Tracing.TraceEvent (3.0)
      System.Runtime.CompilerServices.Unsafe (>= 4.5.2)
    Microsoft.DotNet.PlatformAbstractions (3.1.6)
    Microsoft.EntityFrameworkCore (6.0.5)
      Microsoft.EntityFrameworkCore.Abstractions (>= 6.0.5)
      Microsoft.EntityFrameworkCore.Analyzers (>= 6.0.5)
      Microsoft.Extensions.Caching.Memory (>= 6.0.1)
      Microsoft.Extensions.DependencyInjection (>= 6.0)
      Microsoft.Extensions.Logging (>= 6.0)
      System.Collections.Immutable (>= 6.0)
      System.Diagnostics.DiagnosticSource (>= 6.0)
    Microsoft.EntityFrameworkCore.Abstractions (6.0.5)
    Microsoft.EntityFrameworkCore.Analyzers (6.0.5)
    Microsoft.EntityFrameworkCore.Design (6.0.5)
      Humanizer.Core (>= 2.8.26)
      Microsoft.EntityFrameworkCore.Relational (>= 6.0.5)
    Microsoft.EntityFrameworkCore.Relational (6.0.5)
      Microsoft.EntityFrameworkCore (>= 6.0.5)
      Microsoft.Extensions.Configuration.Abstractions (>= 6.0)
    Microsoft.EntityFrameworkCore.Sqlite (6.0.5)
      Microsoft.EntityFrameworkCore.Sqlite.Core (>= 6.0.5)
      SQLitePCLRaw.bundle_e_sqlite3 (>= 2.0.6)
    Microsoft.EntityFrameworkCore.Sqlite.Core (6.0.5)
      Microsoft.Data.Sqlite.Core (>= 6.0.5)
      Microsoft.EntityFrameworkCore.Relational (>= 6.0.5)
      Microsoft.Extensions.DependencyModel (>= 6.0)
    Microsoft.Extensions.Caching.Abstractions (6.0)
      Microsoft.Extensions.Primitives (>= 6.0)
    Microsoft.Extensions.Caching.Memory (6.0.1)
      Microsoft.Extensions.Caching.Abstractions (>= 6.0)
      Microsoft.Extensions.DependencyInjection.Abstractions (>= 6.0)
      Microsoft.Extensions.Logging.Abstractions (>= 6.0)
      Microsoft.Extensions.Options (>= 6.0)
      Microsoft.Extensions.Primitives (>= 6.0)
    Microsoft.Extensions.Configuration.Abstractions (6.0)
      Microsoft.Extensions.Primitives (>= 6.0)
    Microsoft.Extensions.DependencyInjection (6.0)
      Microsoft.Extensions.DependencyInjection.Abstractions (>= 6.0)
      System.Runtime.CompilerServices.Unsafe (>= 6.0)
    Microsoft.Extensions.DependencyInjection.Abstractions (6.0)
    Microsoft.Extensions.DependencyModel (6.0)
      System.Buffers (>= 4.5.1)
      System.Memory (>= 4.5.4)
      System.Runtime.CompilerServices.Unsafe (>= 6.0)
      System.Text.Encodings.Web (>= 6.0)
      System.Text.Json (>= 6.0)
    Microsoft.Extensions.Logging (6.0)
      Microsoft.Extensions.DependencyInjection (>= 6.0)
      Microsoft.Extensions.DependencyInjection.Abstractions (>= 6.0)
      Microsoft.Extensions.Logging.Abstractions (>= 6.0)
      Microsoft.Extensions.Options (>= 6.0)
      System.Diagnostics.DiagnosticSource (>= 6.0)
    Microsoft.Extensions.Logging.Abstractions (6.0.1)
    Microsoft.Extensions.Options (6.0)
      Microsoft.Extensions.DependencyInjection.Abstractions (>= 6.0)
      Microsoft.Extensions.Primitives (>= 6.0)
    Microsoft.Extensions.Primitives (6.0)
      System.Runtime.CompilerServices.Unsafe (>= 6.0)
    Microsoft.Win32.Registry (5.0)
      System.Security.AccessControl (>= 5.0)
      System.Security.Principal.Windows (>= 5.0)
    Newtonsoft.Json (13.0.1)
    Perfolizer (0.2.1)
      System.Memory (>= 4.5.3)
    SQLitePCLRaw.bundle_e_sqlite3 (2.1)
      SQLitePCLRaw.lib.e_sqlite3 (>= 2.1)
      SQLitePCLRaw.provider.e_sqlite3 (>= 2.1)
    SQLitePCLRaw.core (2.1)
      System.Memory (>= 4.5.3)
    SQLitePCLRaw.lib.e_sqlite3 (2.1)
    SQLitePCLRaw.provider.e_sqlite3 (2.1)
      SQLitePCLRaw.core (>= 2.1)
    System.Buffers (4.5.1)
    System.CodeDom (6.0)
    System.Collections.Immutable (6.0)
      System.Runtime.CompilerServices.Unsafe (>= 6.0)
    System.Composition (6.0)
      System.Composition.AttributedModel (>= 6.0)
      System.Composition.Convention (>= 6.0)
      System.Composition.Hosting (>= 6.0)
      System.Composition.Runtime (>= 6.0)
      System.Composition.TypedParts (>= 6.0)
    System.Composition.AttributedModel (6.0)
    System.Composition.Convention (6.0)
      System.Composition.AttributedModel (>= 6.0)
    System.Composition.Hosting (6.0)
      System.Composition.Runtime (>= 6.0)
    System.Composition.Runtime (6.0)
    System.Composition.TypedParts (6.0)
      System.Composition.AttributedModel (>= 6.0)
      System.Composition.Hosting (>= 6.0)
      System.Composition.Runtime (>= 6.0)
    System.Diagnostics.DiagnosticSource (6.0)
      System.Runtime.CompilerServices.Unsafe (>= 6.0)
    System.IO.Pipelines (6.0.3)
    System.Management (6.0)
      System.CodeDom (>= 6.0)
    System.Memory (4.5.5)
    System.Reflection.Emit (4.7)
    System.Reflection.Emit.Lightweight (4.7)
    System.Reflection.Metadata (6.0.1)
      System.Collections.Immutable (>= 6.0)
    System.Runtime.CompilerServices.Unsafe (6.0)
    System.Security.AccessControl (6.0)
    System.Security.Principal.Windows (5.0)
    System.Text.Encoding.CodePages (6.0)
      System.Runtime.CompilerServices.Unsafe (>= 6.0)
    System.Text.Encodings.Web (6.0)
      System.Runtime.CompilerServices.Unsafe (>= 6.0)
    System.Text.Json (6.0.4)
      System.Runtime.CompilerServices.Unsafe (>= 6.0)
      System.Text.Encodings.Web (>= 6.0)
    System.Threading.Tasks.Extensions (4.5.4)
    System.ValueTuple (4.5)
